GEM
  remote: https://rubygems.org/
  specs:
    colorize (0.7.5)
    rake (10.4.2)

PLATFORMS
  ruby

DEPENDENCIES
  colorize
  rake
