GEM
  remote: https://rubygems.org/
  specs:
    colorize (0.7.5)
    rake (10.4.2)
    yui-compressor (0.12.0)

PLATFORMS
  ruby

DEPENDENCIES
  colorize
  rake
  yui-compressor
